PATH
  remote: .
  specs:
    bullet_train-conversations (1.1.3)
      bullet_train-super_scaffolding (~> 1.0)
      extended_email_reply_parser (~> 0.5)
      rails (>= 6.0)

GEM
  remote: https://rubygems.org/
  specs:
    actioncable (7.0.8.4)
      actionpack (= 7.0.8.4)
      activesupport (= 7.0.8.4)
      nio4r (~> 2.0)
      websocket-driver (>= 0.6.1)
    actionmailbox (7.0.8.4)
      actionpack (= 7.0.8.4)
      activejob (= 7.0.8.4)
      activerecord (= 7.0.8.4)
      activestorage (= 7.0.8.4)
      activesupport (= 7.0.8.4)
      mail (>= 2.7.1)
      net-imap
      net-pop
      net-smtp
    actionmailer (7.0.8.4)
      actionpack (= 7.0.8.4)
      actionview (= 7.0.8.4)
      activejob (= 7.0.8.4)
      activesupport (= 7.0.8.4)
      mail (~> 2.5, >= 2.5.4)
      net-imap
      net-pop
      net-smtp
      rails-dom-testing (~> 2.0)
    actionpack (7.0.8.4)
      actionview (= 7.0.8.4)
      activesupport (= 7.0.8.4)
      rack (~> 2.0, >= 2.2.4)
      rack-test (>= 0.6.3)
      rails-dom-testing (~> 2.0)
      rails-html-sanitizer (~> 1.0, >= 1.2.0)
    actiontext (7.0.8.4)
      actionpack (= 7.0.8.4)
      activerecord (= 7.0.8.4)
      activestorage (= 7.0.8.4)
      activesupport (= 7.0.8.4)
      globalid (>= 0.6.0)
      nokogiri (>= 1.8.5)
    actionview (7.0.8.4)
      activesupport (= 7.0.8.4)
      builder (~> 3.1)
      erubi (~> 1.4)
      rails-dom-testing (~> 2.0)
      rails-html-sanitizer (~> 1.1, >= 1.2.0)
    active_hash (3.3.1)
      activesupport (>= 5.0.0)
    activejob (7.0.8.4)
      activesupport (= 7.0.8.4)
      globalid (>= 0.3.6)
    activemodel (7.0.8.4)
      activesupport (= 7.0.8.4)
    activerecord (7.0.8.4)
      activemodel (= 7.0.8.4)
      activesupport (= 7.0.8.4)
    activestorage (7.0.8.4)
      actionpack (= 7.0.8.4)
      activejob (= 7.0.8.4)
      activerecord (= 7.0.8.4)
      activesupport (= 7.0.8.4)
      marcel (~> 1.0)
      mini_mime (>= 1.1.0)
    activesupport (7.0.8.4)
      concurrent-ruby (~> 1.0, >= 1.0.2)
      i18n (>= 1.6, < 2)
      minitest (>= 5.1)
      tzinfo (~> 2.0)
    addressable (2.8.7)
      public_suffix (>= 2.0.2, < 7.0)
    awesome_print (1.9.2)
    base64 (0.2.0)
    bcrypt (3.1.20)
    bigdecimal (3.1.8)
    builder (3.3.0)
    bullet_train (1.7.17)
      awesome_print
      bullet_train-has_uuid
      bullet_train-roles
      bullet_train-routes
      bullet_train-scope_validator
      bullet_train-super_load_and_authorize_resource
      bullet_train-themes
      cable_ready (~> 5.0.0)
      cancancan
      colorizer
      commonmarker (>= 1.0.0)
      devise
      devise-pwned_password
      extended_email_reply_parser
      fastimage
      figaro
      hiredis
      http_accept_language
      image_processing
      microscope
      nice_partials (~> 0.9)
      omniauth
      pagy
      possessive
      premailer-rails
      rails (>= 6.0.0)
      ruby-openai
      showcase-rails
      sidekiq
      unicode-emoji
      valid_email
      xxhash
    bullet_train-fields (1.7.17)
      chronic
      cloudinary
      phonelib
      rails (>= 6.0.0)
    bullet_train-has_uuid (1.7.17)
      rails (>= 6.0.0)
    bullet_train-integrations-stripe (1.7.17)
      omniauth
      omniauth-rails_csrf_protection
      omniauth-stripe-connect
      rails (>= 6.0.0)
      stripe
    bullet_train-roles (1.7.17)
      active_hash
      activesupport
      cancancan
    bullet_train-routes (1.0.0)
      rails (>= 6.0.0)
    bullet_train-scope_validator (1.7.17)
      rails
    bullet_train-super_load_and_authorize_resource (1.7.17)
      cancancan
      rails (>= 6.0.0)
    bullet_train-super_scaffolding (1.7.21)
      colorizer
      indefinite_article
      masamune-ast (~> 2.0.2)
      rails (>= 6.0.0)
    bullet_train-themes (1.7.17)
      bullet_train-fields
      nice_partials (~> 0.9)
      rails (>= 6.0.0)
    bullet_train-themes-light (1.7.17)
      bullet_train-themes-tailwind_css
      masamune-ast (~> 2.0.2)
      rails (>= 6.0.0)
    bullet_train-themes-tailwind_css (1.7.17)
      bullet_train-themes
      rails (>= 6.0.0)
    cable_ready (5.0.5)
      actionpack (>= 5.2)
      actionview (>= 5.2)
      activesupport (>= 5.2)
      observer (~> 0.1)
      railties (>= 5.2)
      thread-local (>= 1.1.0)
    cancancan (3.6.1)
    charlock_holmes (0.7.9)
    chronic (0.10.2)
    cloudinary (2.1.1)
      faraday (>= 2.0.1, < 3.0.0)
      faraday-follow_redirects (~> 0.3.0)
      faraday-multipart (~> 1.0, >= 1.0.4)
    colorizer (0.0.2)
    commonmarker (1.1.4-arm64-darwin)
    commonmarker (1.1.4-x86_64-darwin)
    concurrent-ruby (1.3.3)
    connection_pool (2.4.1)
    crass (1.0.6)
    css_parser (1.17.1)
      addressable
    date (3.3.4)
    devise (4.9.4)
      bcrypt (~> 3.0)
      orm_adapter (~> 0.1)
      railties (>= 4.1.0)
      responders
      warden (~> 1.2.3)
    devise-pwned_password (0.1.12)
      devise (~> 4)
      pwned (~> 2.4)
    email_reply_parser (0.5.11)
    erubi (1.13.0)
    event_stream_parser (1.0.0)
    extended_email_reply_parser (0.5.1)
      activesupport
      charlock_holmes
      email_reply_parser (~> 0.5.9)
      mail
    factory_bot (6.4.6)
      activesupport (>= 5.0.0)
    factory_bot_rails (6.4.3)
      factory_bot (~> 6.4)
      railties (>= 5.0.0)
    faraday (2.10.0)
      faraday-net_http (>= 2.0, < 3.2)
      logger
    faraday-follow_redirects (0.3.0)
      faraday (>= 1, < 3)
    faraday-multipart (1.0.4)
      multipart-post (~> 2)
    faraday-net_http (3.1.0)
      net-http
    fastimage (2.3.1)
    ffi (1.17.0-arm64-darwin)
    ffi (1.17.0-x86_64-darwin)
    figaro (1.2.0)
      thor (>= 0.14.0, < 2)
    globalid (1.2.1)
      activesupport (>= 6.1)
    hashie (5.0.0)
    hiredis (0.6.3)
    htmlentities (4.3.4)
    http_accept_language (2.1.1)
    i18n (1.14.5)
      concurrent-ruby (~> 1.0)
    image_processing (1.12.2)
      mini_magick (>= 4.9.5, < 5)
      ruby-vips (>= 2.0.17, < 3)
    indefinite_article (0.2.5)
      activesupport
    jwt (2.8.2)
      base64
    logger (1.6.0)
    loofah (2.22.0)
      crass (~> 1.0.2)
      nokogiri (>= 1.12.0)
    mail (2.8.1)
      mini_mime (>= 0.1.1)
      net-imap
      net-pop
      net-smtp
    marcel (1.0.4)
    masamune-ast (2.0.2)
      activesupport
      prism (>= 0.14.0)
    method_source (1.1.0)
    microscope (1.1.1)
      activerecord (>= 4.1.0)
      activesupport (>= 4.1.0)
    mini_magick (4.13.2)
    mini_mime (1.1.5)
    minitest (5.24.1)
    minitest-rails (7.0.1)
      minitest (~> 5.10)
      railties (~> 7.0.0)
    multi_xml (0.7.1)
      bigdecimal (~> 3.1)
    multipart-post (2.4.1)
    net-http (0.4.1)
      uri
    net-imap (0.4.14)
      date
      net-protocol
    net-pop (0.1.2)
      net-protocol
    net-protocol (0.2.2)
      timeout
    net-smtp (0.5.0)
      net-protocol
    nice_partials (0.10.0)
      actionview (>= 4.2.6)
    nio4r (2.7.3)
    nokogiri (1.16.6-arm64-darwin)
      racc (~> 1.4)
    nokogiri (1.16.6-x86_64-darwin)
      racc (~> 1.4)
    oauth2 (2.0.9)
      faraday (>= 0.17.3, < 3.0)
      jwt (>= 1.0, < 3.0)
      multi_xml (~> 0.5)
      rack (>= 1.2, < 4)
      snaky_hash (~> 2.0)
      version_gem (~> 1.1)
    observer (0.1.2)
    omniauth (1.9.2)
      hashie (>= 3.4.6)
      rack (>= 1.6.2, < 3)
    omniauth-oauth2 (1.7.3)
      oauth2 (>= 1.4, < 3)
      omniauth (>= 1.9, < 3)
    omniauth-rails_csrf_protection (0.1.2)
      actionpack (>= 4.2)
      omniauth (>= 1.3.1)
    omniauth-stripe-connect (2.10.1)
      omniauth (~> 1.3)
      omniauth-oauth2 (~> 1.4)
    orm_adapter (0.5.0)
    pagy (8.6.3)
    pg (1.5.6)
    phonelib (0.8.9)
    possessive (1.0.1)
    premailer (1.23.0)
      addressable
      css_parser (>= 1.12.0)
      htmlentities (>= 4.0.0)
    premailer-rails (1.12.0)
      actionmailer (>= 3)
      net-smtp
      premailer (~> 1.7, >= 1.7.9)
    prism (0.30.0)
    public_suffix (6.0.0)
    pwned (2.4.1)
    racc (1.8.0)
    rack (2.2.9)
    rack-test (2.1.0)
      rack (>= 1.3)
    rails (7.0.8.4)
      actioncable (= 7.0.8.4)
      actionmailbox (= 7.0.8.4)
      actionmailer (= 7.0.8.4)
      actionpack (= 7.0.8.4)
      actiontext (= 7.0.8.4)
      actionview (= 7.0.8.4)
      activejob (= 7.0.8.4)
      activemodel (= 7.0.8.4)
      activerecord (= 7.0.8.4)
      activestorage (= 7.0.8.4)
      activesupport (= 7.0.8.4)
      bundler (>= 1.15.0)
      railties (= 7.0.8.4)
    rails-dom-testing (2.2.0)
      activesupport (>= 5.0.0)
      minitest
      nokogiri (>= 1.6)
    rails-html-sanitizer (1.6.0)
      loofah (~> 2.21)
      nokogiri (~> 1.14)
    railties (7.0.8.4)
      actionpack (= 7.0.8.4)
      activesupport (= 7.0.8.4)
      method_source
      rake (>= 12.2)
      thor (~> 1.0)
      zeitwerk (~> 2.5)
    rake (13.2.1)
    redis-client (0.22.2)
      connection_pool
    responders (3.1.1)
      actionpack (>= 5.2)
      railties (>= 5.2)
    ruby-openai (7.1.0)
      event_stream_parser (>= 0.3.0, < 2.0.0)
      faraday (>= 1)
      faraday-multipart (>= 1)
    ruby-vips (2.2.1)
      ffi (~> 1.12)
    showcase-rails (0.4.6)
      rails (>= 6.1.0)
    sidekiq (7.3.0)
      concurrent-ruby (< 2)
      connection_pool (>= 2.3.0)
      logger
      rack (>= 2.2.4)
      redis-client (>= 0.22.2)
    simpleidn (0.2.3)
    snaky_hash (2.0.1)
      hashie
      version_gem (~> 1.1, >= 1.1.1)
    sprockets (4.2.1)
      concurrent-ruby (~> 1.0)
      rack (>= 2.2.4, < 4)
    sprockets-rails (3.5.1)
      actionpack (>= 6.1)
      activesupport (>= 6.1)
      sprockets (>= 3.0.0)
    sqlite3 (2.0.2-arm64-darwin)
    sqlite3 (2.0.2-x86_64-darwin)
    stripe (12.2.0)
    thor (1.3.1)
    thread-local (1.1.0)
    timeout (0.4.1)
    turbo-rails (1.5.0)
      actionpack (>= 6.0.0)
      activejob (>= 6.0.0)
      railties (>= 6.0.0)
    tzinfo (2.0.6)
      concurrent-ruby (~> 1.0)
    unicode-emoji (3.4.0)
      unicode-version (~> 1.0)
    unicode-version (1.4.0)
    uri (0.13.0)
    valid_email (0.2.1)
      activemodel
      mail (>= 2.6.1)
      simpleidn
    version_gem (1.1.4)
    warden (1.2.9)
      rack (>= 2.0.9)
    websocket-driver (0.7.6)
      websocket-extensions (>= 0.1.0)
    websocket-extensions (0.1.5)
    xxhash (0.5.0)
    zeitwerk (2.6.16)

PLATFORMS
  arm64-darwin-22
  arm64-darwin-23
  x86_64-darwin-20

DEPENDENCIES
  bullet_train (~> 1.0)
  bullet_train-conversations!
  bullet_train-integrations-stripe (~> 1.0)
  bullet_train-themes (~> 1.0)
  bullet_train-themes-light (~> 1.0)
  factory_bot_rails (~> 6.2)
  minitest (~> 5.1)
  minitest-rails (~> 7.0)
  pg (~> 1.3)
  rails (~> 7.0.0)
  sprockets-rails
  sqlite3
  turbo-rails (~> 1.0)

BUNDLED WITH
   2.3.26
